GEM
  remote: https://rubygems.org/
  remote: http://gems.github.com/
  specs:
    awesome_print (1.6.1)
    builder (3.2.2)
    byebug (4.0.3)
      columnize (= 0.9.0)
    coderay (1.1.0)
    columnize (0.9.0)
    daemons (1.2.2)
    debugger (1.6.8)
      columnize (>= 0.3.1)
      debugger-linecache (~> 1.2.0)
      debugger-ruby_core_source (~> 1.3.5)
    debugger-linecache (1.2.0)
    debugger-ruby_core_source (1.3.8)
    debugger-xml (0.4.1)
      builder (>= 2.0.0)
      byebug
    eventmachine (1.0.7)
    json (1.8.2)
    method_source (0.8.2)
    mysql (2.9.1)
    pry (0.10.1)
      coderay (~> 1.1.0)
      method_source (~> 0.8.1)
      slop (~> 3.4)
    pry-debugger (0.2.3)
      debugger (~> 1.3)
      pry (>= 0.9.10, < 0.11.0)
    pry-debundle (0.8)
      pry
    rack (1.6.0)
    rack-protection (1.5.3)
      rack
    rake (10.0.4)
    shotgun (0.9.1)
      rack (>= 1.0)
    sinatra (1.4.5)
      rack (~> 1.4)
      rack-protection (~> 1.4)
      tilt (~> 1.3, >= 1.3.4)
    slop (3.6.0)
    thin (1.5.1)
      daemons (>= 1.0.9)
      eventmachine (>= 0.12.6)
      rack (>= 1.0.0)
    tilt (1.4.1)
    wit (1.0.6)

PLATFORMS
  ruby

DEPENDENCIES
  awesome_print
  debugger-xml
  json
  mysql
  pry
  pry-debugger
  pry-debundle
  rake (~> 10.0.3)
  shotgun
  sinatra (~> 1.4.5)
  thin (~> 1.5.1)
  wit (~> 1.0.6)
